GEM
  remote: https://rubygems.org/
  specs:
    database_cleaner (1.7.0)
    diff-lcs (1.3)
    rspec (3.8.0)
      rspec-core (~> 3.8.0)
      rspec-expectations (~> 3.8.0)
      rspec-mocks (~> 3.8.0)
    rspec-core (3.8.0)
      rspec-support (~> 3.8.0)
    rspec-expectations (3.8.2)
      diff-lcs (>= 1.2.0, < 2.0)
      rspec-support (~> 3.8.0)
    rspec-mocks (3.8.0)
      diff-lcs (>= 1.2.0, < 2.0)
      rspec-support (~> 3.8.0)
    rspec-support (3.8.0)
    sequel (5.15.0)
    sqlite3 (1.3.13)

PLATFORMS
  ruby

DEPENDENCIES
  database_cleaner
  rspec
  sequel
  sqlite3

BUNDLED WITH
   1.17.1
